GEM
  remote: https://rubygems.org/
  specs:
    algoliasearch (1.23.2)
      httpclient (~> 2.8, >= 2.8.3)
      json (>= 1.5.1)
    asciidoctor (1.5.7.1)
    asciidoctor-csand (0.3.1)
      asciidoctor (~> 1.5.7)
      asciidoctor-iso (>= 0.9.0)
      asciimath
      htmlentities (~> 4.3.4)
      image_size
      isodoc (>= 0.8.0)
      mime-types
      nokogiri
      ruby-jing
      ruby-xslt
      thread_safe
      uuidtools
    asciidoctor-csd (0.4.2)
      asciidoctor-iso (>= 0.9.0)
      isodoc (>= 0.8.0)
    asciidoctor-gb (0.3.3)
      asciidoctor-iso (>= 0.9.0)
      gb-agencies (~> 0.0.1)
      gbbib (~> 0.2.2)
      isodoc (>= 0.8.0)
      twitter_cldr
    asciidoctor-iso (0.9.9)
      asciidoctor (~> 1.5.7)
      iev (~> 0.1.0)
      isodoc (>= 0.8)
      relaton (~> 0.1.3)
      ruby-jing
    asciidoctor-m3d (0.3.2)
      asciidoctor (~> 1.5.7)
      asciidoctor-iso (>= 0.9.0)
      asciimath
      htmlentities (~> 4.3.4)
      image_size
      isodoc (>= 0.8.0)
      mime-types
      nokogiri
      ruby-jing
      ruby-xslt
      thread_safe
      uuidtools
    asciidoctor-rfc (0.9.0)
      asciidoctor (~> 1.5.7)
      htmlentities (~> 4.3.4)
      nokogiri
      ruby-jing
      thread_safe
    asciidoctor-rsd (0.3.3)
      asciidoctor (~> 1.5.7)
      asciidoctor-iso (~> 0.9.6)
      htmlentities (~> 4.3.4)
      isodoc (>= 0.8.4)
      nokogiri
    asciimath (1.0.5)
    camertron-eprun (1.1.1)
    cldr-plurals-runtime-rb (1.0.1)
    cnccs (0.1.2)
    ffi (1.9.25)
    gb-agencies (0.0.3)
    gbbib (0.2.2)
      cnccs (~> 0.1.1)
      gb-agencies (~> 0.0.1)
      iso-bib-item (~> 0.2)
    html2doc (0.8.2)
      asciimath
      htmlentities (~> 4.3.4)
      image_size
      mime-types
      nokogiri
      ruby-xslt
      thread_safe
      uuidtools
    htmlentities (4.3.4)
    httpclient (2.8.3)
    iev (0.1.0)
      nokogiri
    image_size (2.0.0)
    iso-bib-item (0.2.4)
      isoics (~> 0.1.6)
      nokogiri (~> 1.8.4)
      ruby_deep_clone (~> 0.8.0)
    isobib (0.2.2)
      algoliasearch
      iso-bib-item (~> 0.2.3)
    isodoc (0.8.4)
      asciimath
      html2doc (~> 0.8.1)
      htmlentities (~> 4.3.4)
      liquid
      nokogiri
      roman-numerals
      ruby-xslt
      sass
      thread_safe
      uuidtools
    isoics (0.1.6)
    json (2.1.0)
    liquid (4.0.0)
    metanorma (0.2.6)
    metanorma-cli (0.0.2)
      asciidoctor-csand (>= 0.3.0)
      asciidoctor-csd (>= 0.4.0)
      asciidoctor-gb (>= 0.3.0)
      asciidoctor-iso (>= 0.9.1)
      asciidoctor-m3d (>= 0.3.1)
      asciidoctor-rfc (>= 0.9.0)
      asciidoctor-rsd (>= 0.3.0)
      isodoc (>= 0.8.0)
      metanorma (~> 0.2.6)
    mime-types (3.1)
      mime-types-data (~> 3.2015)
    mime-types-data (3.2016.0521)
    mini_portile2 (2.3.0)
    nokogiri (1.8.4)
      mini_portile2 (~> 2.3.0)
    optout (0.0.2)
    rb-fsevent (0.10.3)
    rb-inotify (0.9.10)
      ffi (>= 0.5.0, < 2)
    relaton (0.1.4)
      algoliasearch
      gbbib (~> 0.2.1)
      iso-bib-item (~> 0.2.3)
      isobib (~> 0.2.0)
      rfcbib (~> 0.2.2)
    rfcbib (0.2.2)
      iso-bib-item (~> 0.2.0)
    roman-numerals (0.3.0)
    ruby-jing (0.0.1)
      optout (>= 0.0.2)
    ruby-xslt (0.9.10)
    ruby_deep_clone (0.8.0)
    sass (3.5.7)
      sass-listen (~> 4.0.0)
    sass-listen (4.0.0)
      rb-fsevent (~> 0.9, >= 0.9.4)
      rb-inotify (~> 0.9, >= 0.9.7)
    thread_safe (0.3.6)
    twitter_cldr (4.4.3)
      camertron-eprun
      cldr-plurals-runtime-rb (~> 1.0)
      tzinfo
    tzinfo (1.2.5)
      thread_safe (~> 0.1)
    uuidtools (2.1.5)

PLATFORMS
  ruby

DEPENDENCIES
  asciidoctor-gb
  metanorma
  metanorma-cli

BUNDLED WITH
   1.16.2
