GIT
  remote: https://github.com/riboseinc/asciidoctor-gb
  revision: 83d527dab710370803e0cfd62af799ba6a4ed27a
  specs:
    asciidoctor-gb (0.1.5)
      asciidoctor (~> 1.5.6)
      asciidoctor-iso
      asciimath
      htmlentities (~> 4.3.4)
      image_size
      isodoc
      mime-types
      nokogiri (~> 1.8.1)
      ruby-jing
      ruby-xslt
      thread_safe
      uuidtools

GIT
  remote: https://github.com/riboseinc/asciidoctor-iso
  revision: ba49137764931818cdffcf0369cb50f8bfc58c8d
  specs:
    asciidoctor-iso (0.7.0)
      asciidoctor (~> 1.5.6)
      html2doc
      htmlentities (~> 4.3.4)
      isodoc
      nokogiri (= 1.8.1)
      ruby-jing
      thread_safe
      uuidtools

GIT
  remote: https://github.com/riboseinc/html2doc
  revision: 14510a6edb20caf3664eb5d7a86694f43fb087df
  specs:
    html2doc (0.6.5)
      asciimath
      htmlentities (~> 4.3.4)
      image_size
      mime-types
      nokogiri (~> 1.8.1)
      ruby-xslt
      thread_safe
      uuidtools

GIT
  remote: https://github.com/riboseinc/isodoc
  revision: 412f47ae49a62d4b98121528aa418d57bace1ffa
  specs:
    isodoc (0.5.5)
      asciimath
      html2doc
      htmlentities (~> 4.3.4)
      image_size
      liquid
      mime-types
      nokogiri
      ruby-xslt
      thread_safe
      uuidtools

GEM
  remote: https://rubygems.org/
  specs:
    asciidoctor (1.5.6.1)
    asciimath (1.0.4)
    htmlentities (4.3.4)
    image_size (1.5.0)
    liquid (4.0.0)
    mime-types (3.1)
      mime-types-data (~> 3.2015)
    mime-types-data (3.2016.0521)
    mini_portile2 (2.3.0)
    nokogiri (1.8.1)
      mini_portile2 (~> 2.3.0)
    optout (0.0.2)
    ruby-jing (0.0.1)
      optout (>= 0.0.2)
    ruby-xslt (0.9.10)
    thread_safe (0.3.6)
    uuidtools (2.1.5)

PLATFORMS
  ruby

DEPENDENCIES
  asciidoctor-gb!
  asciidoctor-iso!
  html2doc!
  isodoc!

BUNDLED WITH
   1.16.1
