GIT
  remote: https://github.com/riboseinc/asciidoctor-gb
  revision: 7cf9d4ce0123fd9cec73f1276d3c0a9ea840fcd7
  specs:
    asciidoctor-gb (0.1.5)
      asciidoctor (~> 1.5.6)
      asciidoctor-iso
      asciimath
      htmlentities (~> 4.3.4)
      image_size
      isodoc
      mime-types
      nokogiri (~> 1.8.1)
      ruby-jing
      ruby-xslt
      thread_safe
      uuidtools

GIT
  remote: https://github.com/riboseinc/asciidoctor-iso
  revision: 303a7945974f0734fa6b0045860adc1223682baf
  specs:
    asciidoctor-iso (0.6.1)
      asciidoctor (~> 1.5.6)
      html2doc
      htmlentities (~> 4.3.4)
      isodoc
      nokogiri (= 1.8.1)
      ruby-jing
      thread_safe
      uuidtools

GIT
  remote: https://github.com/riboseinc/html2doc
  revision: 481fe9f316b011f2985cf87e1ced42bbd05a8480
  specs:
    html2doc (0.6.2)
      asciimath
      htmlentities (~> 4.3.4)
      image_size
      mime-types
      nokogiri (~> 1.8.1)
      ruby-xslt
      thread_safe
      uuidtools

GIT
  remote: https://github.com/riboseinc/isodoc
  revision: f4e437422feb2316f3519f1c987e1ac12a8085f5
  specs:
    isodoc (0.4.5)
      asciimath
      html2doc
      htmlentities (~> 4.3.4)
      image_size
      liquid
      mime-types
      nokogiri (= 1.8.1)
      ruby-xslt
      thread_safe
      uuidtools

GEM
  remote: https://rubygems.org/
  specs:
    asciidoctor (1.5.6.1)
    asciimath (1.0.4)
    htmlentities (4.3.4)
    image_size (1.5.0)
    liquid (4.0.0)
    mime-types (3.1)
      mime-types-data (~> 3.2015)
    mime-types-data (3.2016.0521)
    mini_portile2 (2.3.0)
    nokogiri (1.8.1)
      mini_portile2 (~> 2.3.0)
    optout (0.0.2)
    ruby-jing (0.0.1)
      optout (>= 0.0.2)
    ruby-xslt (0.9.10)
    thread_safe (0.3.6)
    uuidtools (2.1.5)

PLATFORMS
  ruby

DEPENDENCIES
  asciidoctor-gb!
  asciidoctor-iso!
  html2doc!
  isodoc!

BUNDLED WITH
   1.16.1
